GEM
  remote: http://rubygems.org/
  specs:
    activesupport (8.0.0)
      base64
      benchmark (>= 0.3)
      bigdecimal
      concurrent-ruby (~> 1.0, >= 1.3.1)
      connection_pool (>= 2.2.5)
      drb
      i18n (>= 1.6, < 2)
      logger (>= 1.4.2)
      minitest (>= 5.1)
      securerandom (>= 0.3)
      tzinfo (~> 2.0, >= 2.0.5)
      uri (>= 0.13.1)
    addressable (2.8.7)
      public_suffix (>= 2.0.2, < 7.0)
    base64 (0.2.0)
    benchmark (0.4.0)
    bigdecimal (3.1.8)
    builder (3.3.0)
    byebug (11.1.3)
    concurrent-ruby (1.3.4)
    connection_pool (2.4.1)
    descendants_tracker (0.0.4)
      thread_safe (~> 0.3, >= 0.3.1)
    diff-lcs (1.5.1)
    drb (2.2.1)
    excon (0.112.0)
    faraday (1.10.4)
      faraday-em_http (~> 1.0)
      faraday-em_synchrony (~> 1.0)
      faraday-excon (~> 1.1)
      faraday-httpclient (~> 1.0)
      faraday-multipart (~> 1.0)
      faraday-net_http (~> 1.0)
      faraday-net_http_persistent (~> 1.0)
      faraday-patron (~> 1.0)
      faraday-rack (~> 1.0)
      faraday-retry (~> 1.0)
      ruby2_keywords (>= 0.0.4)
    faraday-em_http (1.0.0)
    faraday-em_synchrony (1.0.0)
    faraday-excon (1.1.0)
    faraday-httpclient (1.0.1)
    faraday-multipart (1.0.4)
      multipart-post (~> 2)
    faraday-net_http (1.0.2)
    faraday-net_http_persistent (1.2.0)
    faraday-patron (1.0.0)
    faraday-rack (1.0.0)
    faraday-retry (1.0.3)
    git (2.3.2)
      activesupport (>= 5.0)
      addressable (~> 2.8)
      process_executer (~> 1.1)
      rchardet (~> 1.8)
    github_api (0.19.0)
      addressable (~> 2.4)
      descendants_tracker (~> 0.0.4)
      faraday (>= 0.8, < 2)
      hashie (~> 3.5, >= 3.5.2)
      oauth2 (~> 1.0)
    hashie (3.6.0)
    highline (3.1.1)
      reline
    i18n (1.14.6)
      concurrent-ruby (~> 1.0)
    io-console (0.7.2)
    jeweler (2.0.1)
      builder
      bundler (>= 1.0)
      git (>= 1.2.5)
      github_api
      highline (>= 1.6.15)
      nokogiri (>= 1.5.10)
      rake
      rdoc
    json (2.8.2)
    jwt (2.9.3)
      base64
    logger (1.6.1)
    mandrill-api-json (1.0.56)
      excon (>= 0.16.0, < 1.0)
      json (>= 1.7.7, < 3)
    minitest (5.25.1)
    multi_json (1.15.0)
    multi_xml (0.7.1)
      bigdecimal (~> 3.1)
    multipart-post (2.4.1)
    nokogiri (1.16.7-aarch64-linux)
      racc (~> 1.4)
    nokogiri (1.16.7-arm-linux)
      racc (~> 1.4)
    nokogiri (1.16.7-arm64-darwin)
      racc (~> 1.4)
    nokogiri (1.16.7-x86-linux)
      racc (~> 1.4)
    nokogiri (1.16.7-x86_64-darwin)
      racc (~> 1.4)
    nokogiri (1.16.7-x86_64-linux)
      racc (~> 1.4)
    oauth2 (1.4.11)
      faraday (>= 0.17.3, < 3.0)
      jwt (>= 1.0, < 3.0)
      multi_json (~> 1.3)
      multi_xml (~> 0.5)
      rack (>= 1.2, < 4)
    process_executer (1.2.0)
    psych (5.2.0)
      stringio
    public_suffix (6.0.1)
    racc (1.8.1)
    rack (3.1.8)
    rake (13.2.1)
    rchardet (1.8.0)
    rdoc (6.8.1)
      psych (>= 4.0.0)
    reline (0.5.11)
      io-console (~> 0.5)
    rspec (2.13.0)
      rspec-core (~> 2.13.0)
      rspec-expectations (~> 2.13.0)
      rspec-mocks (~> 2.13.0)
    rspec-core (2.13.1)
    rspec-expectations (2.13.0)
      diff-lcs (>= 1.1.3, < 2.0)
    rspec-mocks (2.13.1)
    ruby2_keywords (0.0.5)
    securerandom (0.3.2)
    stringio (3.1.2)
    thread_safe (0.3.6)
    tzinfo (2.0.6)
      concurrent-ruby (~> 1.0)
    uri (1.0.2)

PLATFORMS
  aarch64-linux
  arm-linux
  arm64-darwin
  x86-linux
  x86_64-darwin
  x86_64-linux

DEPENDENCIES
  byebug
  jeweler (~> 2.0.1)
  mandrill-api-json
  rdoc
  rspec (~> 2.13.0)

BUNDLED WITH
   2.5.23
